GEM
  remote: https://rubygems.org/
  specs:
    bigdecimal (3.1.6)
    csv (3.2.8)
    extpp (0.1.1)
    fiddle (1.1.2)
    gio2 (4.2.1)
      fiddle
      gobject-introspection (= 4.2.1)
    glib2 (4.2.1)
      native-package-installer (>= 1.0.3)
      pkg-config (>= 1.3.5)
    gobject-introspection (4.2.1)
      glib2 (= 4.2.1)
    native-package-installer (1.1.9)
    pkg-config (1.5.6)
    red-arrow (15.0.1)
      bigdecimal (>= 3.1.0)
      csv
      extpp (>= 0.1.1)
      gio2 (>= 3.5.0)
      native-package-installer
      pkg-config

PLATFORMS
  arm64-darwin-23
  ruby

DEPENDENCIES
  red-arrow

BUNDLED WITH
   2.5.3
